GIT
  remote: https://github.com/adaoraul/rack-jekyll
  revision: 11426c7729fd74897cc9ee088924df678bede6c5
  specs:
    rack-jekyll (0.4.0)
      jekyll (~> 0.12.0)
      rack (~> 1.4.1)

GEM
  remote: https://rubygems.org/
  specs:
    RedCloth (4.2.9)
    addressable (2.3.3)
    classifier (1.3.3)
      fast-stemmer (>= 1.0.0)
    css_press (0.3.2)
      csspool-st (= 3.1.2)
      json
    csspool-st (3.1.2)
    daemons (1.1.9)
    directory_watcher (1.5.1)
    eventmachine (1.0.3)
    excon (0.16.10)
    execjs (1.4.0)
      multi_json (~> 1.0)
    fast-stemmer (1.0.2)
    heroku (2.35.0)
      heroku-api (~> 0.3.7)
      launchy (>= 0.3.2)
      netrc (~> 0.7.7)
      rest-client (~> 1.6.1)
      rubyzip
    heroku-api (0.3.8)
      excon (~> 0.16.10)
    html_press (0.8.1)
      htmlentities
      multi_css (>= 0.1.0)
      multi_js
    htmlentities (4.3.1)
    jekyll (0.12.1)
      classifier (~> 1.3)
      directory_watcher (~> 1.1)
      kramdown (~> 0.14)
      liquid (~> 2.3)
      maruku (~> 0.5)
      pygments.rb (~> 0.3.2)
    jekyll-press (0.2.0)
      html_press (>= 0.8.0)
      jekyll
      multi_css (>= 0.1.0)
      uglifier
    json (1.7.7)
    kgio (2.8.0)
    kramdown (0.14.2)
    launchy (2.2.0)
      addressable (~> 2.3)
    liquid (2.5.0)
    maruku (0.6.1)
      syntax (>= 1.0.0)
    mime-types (1.22)
    multi_css (0.1.0)
      css_press
    multi_js (0.0.1)
      uglifier
    multi_json (1.7.2)
    netrc (0.7.7)
    posix-spawn (0.3.6)
    pygments.rb (0.3.7)
      posix-spawn (~> 0.3.6)
      yajl-ruby (~> 1.1.0)
    rack (1.4.5)
    raindrops (0.10.0)
    redcarpet (2.2.2)
    rest-client (1.6.7)
      mime-types (>= 1.16)
    rubyzip (0.9.9)
    syntax (1.0.0)
    thin (1.5.1)
      daemons (>= 1.0.9)
      eventmachine (>= 0.12.6)
      rack (>= 1.0.0)
    uglifier (1.3.0)
      execjs (>= 0.3.0)
      multi_json (~> 1.0, >= 1.0.2)
    unicorn (4.6.2)
      kgio (~> 2.6)
      rack
      raindrops (~> 0.7)
    yajl-ruby (1.1.0)

PLATFORMS
  ruby

DEPENDENCIES
  RedCloth
  heroku
  jekyll-press
  rack-jekyll!
  redcarpet
  thin
  unicorn
